BrainVision Data Exchange Header File Version 1.0
; Data created by the BrainVision Recorder

[Common Infos]
Codepage=UTF-8
DataFile=sub-06_ses-post_task-rest_eeg.eeg
MarkerFile=sub-06_ses-post_task-rest_eeg.vmrk
DataFormat=BINARY
; Data orientation: MULTIPLEXED=ch1,pt1, ch2,pt1 ...
DataOrientation=MULTIPLEXED
NumberOfChannels=31
; Sampling interval in microseconds
SamplingInterval=2000

[Binary Infos]
BinaryFormat=IEEE_FLOAT_32

[Channel Infos]
; Each entry: Ch<Channel number>=<Name>,<Reference channel name>,
; <Resolution in "Unit">,<Unit>, Future extensions..
; Fields are delimited by commas, some fields might be omitted (empty).
; Commas in channel names are coded as "\1".
Ch1=Fp1,,0.0488281,µV
Ch2=F3,,0.0488281,µV
Ch3=F7,,0.0488281,µV
Ch4=FT9,,0.0488281,µV
Ch5=FC5,,0.0488281,µV
Ch6=FC1,,0.0488281,µV
Ch7=C3,,0.0488281,µV
Ch8=T7,,0.0488281,µV
Ch9=TP9,,0.0488281,µV
Ch10=CP5,,0.0488281,µV
Ch11=CP1,,0.0488281,µV
Ch12=Pz,,0.0488281,µV
Ch13=P3,,0.0488281,µV
Ch14=P7,,0.0488281,µV
Ch15=O1,,0.0488281,µV
Ch16=Oz,,0.0488281,µV
Ch17=O2,,0.0488281,µV
Ch18=P4,,0.0488281,µV
Ch19=P8,,0.0488281,µV
Ch20=TP10,,0.0488281,µV
Ch21=CP6,,0.0488281,µV
Ch22=CP2,,0.0488281,µV
Ch23=Cz,,0.0488281,µV
Ch24=C4,,0.0488281,µV
Ch25=T8,,0.0488281,µV
Ch26=FT10,,0.0488281,µV
Ch27=FC6,,0.0488281,µV
Ch28=FC2,,0.0488281,µV
Ch29=F4,,0.0488281,µV
Ch30=F8,,0.0488281,µV
Ch31=Fp2,,0.0488281,µV

[Coordinates]
; Electrode Position File: C:\Vision\Workfiles\Workspaces_Montages\active electrodes\actiCAP_snap_CACS\CACS-32\CACS-32_NO_REF.bvef
Ch1=1,-90,-72
Ch2=1,-60,-51
Ch3=1,-90,-36
Ch4=1,-113,-18
Ch5=1,-69,-22
Ch6=1,-31,-46
Ch7=1,-45,0
Ch8=1,-90,0
Ch9=1,-113,18
Ch10=1,-69,21
Ch11=1,-31,46
Ch12=1,45,-90
Ch13=1,-60,51
Ch14=1,-90,36
Ch15=1,-90,72
Ch16=1,90,-90
Ch17=1,90,-72
Ch18=1,60,-51
Ch19=1,90,-36
Ch20=1,113,-18
Ch21=1,69,-21
Ch22=1,31,-46
Ch23=1,0,0
Ch24=1,45,0
Ch25=1,90,0
Ch26=1,113,18
Ch27=1,69,21
Ch28=1,31,46
Ch29=1,60,51
Ch30=1,90,36
Ch31=1,90,72

[Comment]

BrainVision Recorder Professional   -   V. 1.26.0001


A m p l i f i e r  S e t u p
============================
Number of channels: 31
Sampling Rate [Hz]: 500
Sampling Interval [µS]: 2000

Channels
--------
#     Name      Phys. Chn.    Resolution / Unit   Low Cutoff [s]   High Cutoff [Hz]   Notch [Hz]    Gradient         Offset
1     Fp1         1          0.0488281 µV             DC              140              Off
2     F3          3          0.0488281 µV             DC              140              Off
3     F7          4          0.0488281 µV             DC              140              Off
4     FT9         5          0.0488281 µV             DC              140              Off
5     FC5         6          0.0488281 µV             DC              140              Off
6     FC1         7          0.0488281 µV             DC              140              Off
7     C3          8          0.0488281 µV             DC              140              Off
8     T7          9          0.0488281 µV             DC              140              Off
9     TP9         10         0.0488281 µV             DC              140              Off
10    CP5         11         0.0488281 µV             DC              140              Off
11    CP1         12         0.0488281 µV             DC              140              Off
12    Pz          13         0.0488281 µV             DC              140              Off
13    P3          14         0.0488281 µV             DC              140              Off
14    P7          15         0.0488281 µV             DC              140              Off
15    O1          16         0.0488281 µV             DC              140              Off
16    Oz          17         0.0488281 µV             DC              140              Off
17    O2          18         0.0488281 µV             DC              140              Off
18    P4          19         0.0488281 µV             DC              140              Off
19    P8          20         0.0488281 µV             DC              140              Off
20    TP10        21         0.0488281 µV             DC              140              Off
21    CP6         22         0.0488281 µV             DC              140              Off
22    CP2         23         0.0488281 µV             DC              140              Off
23    Cz          24         0.0488281 µV             DC              140              Off
24    C4          25         0.0488281 µV             DC              140              Off
25    T8          26         0.0488281 µV             DC              140              Off
26    FT10        27         0.0488281 µV             DC              140              Off
27    FC6         28         0.0488281 µV             DC              140              Off
28    FC2         29         0.0488281 µV             DC              140              Off
29    F4          30         0.0488281 µV             DC              140              Off
30    F8          31         0.0488281 µV             DC              140              Off
31    Fp2         32         0.0488281 µV             DC              140              Off

Reference Channel Name = Fz
Reference Phys. Chn.   = 2
Use active/dry Electrodes = Yes 
Good Level [kOhms]     = 15
Bad Level [kOhms]      = 30
MY-Button Workspace    = C:\Vision\Workfiles\MYButton

Amplifier 
actiCHamp Base Unit (5002) 
  --- S/N 22080846 --- 
actiCHamp 32 CH Module
  --- Module 1 (5011): S/N 22081714 ---
Version: DLL_27.18.06.25, DRV_03.04.01.146, CTRL_104.18.06.25, FPGA_67.00.00.00, DSP_105.19.02.27 


S o f t w a r e  F i l t e r s
==============================
#     Low Cutoff [s]   High Cutoff [Hz]   Notch [Hz]
1      0.31831          50                 50
2      0.31831          50                 50
3      0.31831          50                 50
4      0.31831          50                 50
5      0.31831          50                 50
6      0.31831          50                 50
7      0.31831          50                 50
8      0.31831          50                 50
9      0.31831          50                 50
10     0.31831          50                 50
11     0.31831          50                 50
12     0.31831          50                 50
13     0.31831          50                 50
14     0.31831          50                 50
15     0.31831          50                 50
16     0.31831          50                 50
17     0.31831          50                 50
18     0.31831          50                 50
19     0.31831          50                 50
20     0.31831          50                 50
21     0.31831          50                 50
22     0.31831          50                 50
23     0.31831          50                 50
24     0.31831          50                 50
25     0.31831          50                 50
26     0.31831          50                 50
27     0.31831          50                 50
28     0.31831          50                 50
29     0.31831          50                 50
30     0.31831          50                 50
31     0.31831          50                 50


Data/Gnd Electrodes Selected Impedance Measurement Range: 15 - 30 kOhm
Impedance [kOhm] at 11:04:18 :
Fp1:          0
Fz:           5
F3:           4
F7:           5
FT9:          6
FC5:          6
FC1:          6
C3:           4
T7:           8
TP9:          3
CP5:          6
CP1:          4
Pz:           4
P3:           4
P7:           6
O1:           6
Oz:           5
O2:           5
P4:           6
P8:           6
TP10:         5
CP6:          5
CP2:          4
Cz:           4
C4:           6
T8:          10
FT10:         5
FC6:          6
FC2:         11
F4:           5
F8:           7
Fp2:          7
Gnd:          0
